GEM
  remote: https://rubygems.org/
  specs:
    deep_clone (0.0.1)

PLATFORMS
  ruby

DEPENDENCIES
  deep_clone

BUNDLED WITH
   2.0.2
